GEM
  remote: https://rubygems.org/
  specs:
    dice (0.0.3)
    faker (1.5.0)
      i18n (~> 0.5)
    i18n (0.7.0)

PLATFORMS
  ruby

DEPENDENCIES
  dice
  faker

BUNDLED WITH
   1.10.6
