GEM
  remote: https://rubygems.org/
  specs:
    faker (1.5.0)
      i18n (~> 0.5)
    i18n (0.7.0)
    rdice (1.0.1)

PLATFORMS
  ruby

DEPENDENCIES
  faker
  rdice (~> 1.0.1)

BUNDLED WITH
   1.10.6
